GEM
  remote: http://rubygems.org/
  specs:
    actionmailer (2.3.5)
      actionpack (= 2.3.5)
    actionpack (2.3.5)
      activesupport (= 2.3.5)
      rack (~> 1.0.0)
    activerecord (2.3.5)
      activesupport (= 2.3.5)
    activerecord-tableless (1.3.4)
      activerecord (>= 2.3.0)
    activeresource (2.3.5)
      activesupport (= 2.3.5)
    activesupport (2.3.5)
    authlogic (2.1.9)
      activerecord (~> 2.3.0)
      activesupport (~> 2.3.0)
    cgi_multipart_eof_fix (2.5.0)
    chunky_png (1.3.3)
    cocaine (0.3.2)
    country-select (1.1.1)
    daemon_controller (1.2.0)
    daemons (1.1.9)
    fastercsv (1.5.5)
    fastthread (1.0.7)
    formtastic (1.0.1)
      actionpack (>= 2.3.0, < 3.0.0)
      activesupport (>= 2.3.0, < 3.0.0)
      i18n (< 0.4)
    gem_plugin (0.2.3)
    i18n (0.3.7)
    imgkit (1.3.9)
    jrails (0.6.0)
    json (1.4.6)
    lockdown (2.0.7)
    mime-types (1.23)
    mongrel (1.1.5)
      cgi_multipart_eof_fix (>= 2.4)
      daemons (>= 1.0.3)
      fastthread (>= 1.0.1)
      gem_plugin (>= 0.2.3)
    mysql (2.8.1)
    number_to_words (1.2.1)
    paperclip (2.4.5)
      activerecord (>= 2.3.0)
      activesupport (>= 2.3.2)
      cocaine (>= 0.0.2)
      mime-types
    passenger (3.0.11)
      daemon_controller (>= 0.2.5)
      fastthread (>= 1.0.1)
      rack
      rake (>= 0.8.1)
    pg (0.17.1)
    rack (1.0.1)
    rails (2.3.5)
      actionmailer (= 2.3.5)
      actionpack (= 2.3.5)
      activerecord (= 2.3.5)
      activeresource (= 2.3.5)
      activesupport (= 2.3.5)
      rake (>= 0.8.3)
    rake (0.9.2.2)
    rdoc (3.12)
      json (~> 1.4)
    rqrcode (0.4.2)
    rqrcode_png (0.1.5)
      chunky_png
      rqrcode
    ruby-ole (1.2.11.7)
    spreadsheet (0.6.5.8)
      ruby-ole (>= 1.0)
    validation_reflection (0.3.8)
    wicked_pdf (0.11.0)
      rails
    will_paginate (2.3.16)
    wkhtmltopdf-binary (0.9.9.3)

PLATFORMS
  ruby

DEPENDENCIES
  activerecord-tableless (~> 1.0)
  authlogic (~> 2.1.5)
  cocaine (= 0.3.2)
  country-select
  fastercsv
  formtastic (~> 1.0.1)
  imgkit (= 1.3.9)
  jrails (~> 0.6.0)
  json (~> 1.4.6)
  lockdown
  mime-types (= 1.23)
  mongrel (= 1.1.5)
  mysql (= 2.8.1)
  number_to_words
  paperclip (~> 2.4.1)
  passenger (= 3.0.11)
  pg
  rails (= 2.3.5)
  rake (= 0.9.2.2)
  rdoc (= 3.12)
  rqrcode_png
  spreadsheet (= 0.6.5.8)
  validation_reflection (~> 0.3.7)
  wicked_pdf
  will_paginate (~> 2.3.15)
  wkhtmltopdf-binary
